GEM
  remote: https://rubygems.org/
  specs:
    minitest (5.24.1)
    rake (13.2.1)

PLATFORMS
  ruby

DEPENDENCIES
  minitest
  rake

BUNDLED WITH
   2.3.7
